GEM
  remote: http://rubygems.org/
  specs:

PLATFORMS
  x64-mingw32

DEPENDENCIES

BUNDLED WITH
   1.11.2
